GEM
  remote: https://rubygems.org/
  specs:
    RedCloth (4.3.2)
    addressable (2.5.1)
      public_suffix (~> 2.0, >= 2.0.2)
    chunky_png (1.3.8)
    coderay (1.1.1)
    colorator (1.1.0)
    compass (1.0.3)
      chunky_png (~> 1.2)
      compass-core (~> 1.0.2)
      compass-import-once (~> 1.0.5)
      rb-fsevent (>= 0.9.3)
      rb-inotify (>= 0.9)
      sass (>= 3.3.13, < 3.5)
    compass-blueprint (1.0.0)
      compass
    compass-core (1.0.3)
      multi_json (~> 1.0)
      sass (>= 3.3.0, < 3.5)
    compass-import-once (1.0.5)
      sass (>= 3.2, < 3.5)
    directory_watcher (1.5.1)
    ffi (1.9.18)
    forwardable-extended (2.6.0)
    haml (5.0.1)
      temple (>= 0.8.0)
      tilt
    jekyll (3.5.0)
      addressable (~> 2.4)
      colorator (~> 1.0)
      jekyll-sass-converter (~> 1.0)
      jekyll-watch (~> 1.1)
      kramdown (~> 1.3)
      liquid (~> 4.0)
      mercenary (~> 0.3.3)
      pathutil (~> 0.9)
      rouge (~> 1.7)
      safe_yaml (~> 1.0)
    jekyll-sass-converter (1.5.0)
      sass (~> 3.4)
    jekyll-watch (1.5.0)
      listen (~> 3.0, < 3.1)
    kramdown (1.14.0)
    liquid (4.0.0)
    listen (3.0.8)
      rb-fsevent (~> 0.9, >= 0.9.4)
      rb-inotify (~> 0.9, >= 0.9.7)
    mercenary (0.3.6)
    method_source (0.8.2)
    multi_json (1.12.1)
    mustermann (1.0.0)
    pathutil (0.14.0)
      forwardable-extended (~> 2.6)
    pry (0.10.4)
      coderay (~> 1.1.0)
      method_source (~> 0.8.1)
      slop (~> 3.4)
    public_suffix (2.0.5)
    pygments.rb (1.1.2)
      multi_json (>= 1.0.0)
    rack (2.0.3)
    rack-protection (2.0.0)
      rack
    rake (12.0.0)
    rb-fsevent (0.10.1)
    rb-inotify (0.9.10)
      ffi (>= 0.5.0, < 2)
    rdiscount (2.2.0.1)
    rouge (1.11.1)
    rubypants (0.6.0)
    safe_yaml (1.0.4)
    sass (3.4.24)
    sass-globbing (1.1.5)
      sass (>= 3.1)
    sinatra (2.0.0)
      mustermann (~> 1.0)
      rack (~> 2.0)
      rack-protection (= 2.0.0)
      tilt (~> 2.0)
    slop (3.6.0)
    stringex (2.7.1)
    temple (0.8.0)
    tilt (2.0.7)

PLATFORMS
  ruby

DEPENDENCIES
  RedCloth
  compass
  compass-blueprint
  directory_watcher
  haml
  jekyll
  liquid
  pry
  pygments.rb
  rake
  rb-fsevent
  rdiscount
  rubypants
  sass
  sass-globbing
  sinatra
  stringex

BUNDLED WITH
   1.15.1
